PATH
  remote: .
  specs:
    fire-jenkins-builder (0.1.1)
      jenkins_api_client
      nokogiri

GEM
  remote: https://rubygems.org/
  specs:
    jenkins_api_client (1.5.3)
      json (>= 1.0)
      mixlib-shellout (>= 1.1.0)
      nokogiri (~> 1.6)
      socksify (>= 1.7.0)
      terminal-table (>= 1.4.0)
      thor (>= 0.16.0)
    json (2.1.0)
    mini_portile2 (2.3.0)
    mixlib-shellout (2.4.0)
    nokogiri (1.8.4)
      mini_portile2 (~> 2.3.0)
    rake (10.5.0)
    socksify (1.7.1)
    terminal-table (1.8.0)
      unicode-display_width (~> 1.1, >= 1.1.1)
    thor (0.20.0)
    unicode-display_width (1.4.0)

PLATFORMS
  ruby

DEPENDENCIES
  bundler (~> 1.16)
  fire-jenkins-builder!
  rake (~> 10.0)

BUNDLED WITH
   1.16.1
